PATH
  remote: .
  specs:
    mienie (0.0.0)
      bloopsaphone
      gosu

GEM
  remote: https://rubygems.org/
  specs:
    bloopsaphone (0.4)
    gosu (0.7.50)

PLATFORMS
  ruby

DEPENDENCIES
  mienie!
